GIT
  remote: git://github.com/postmodern/rubygems-tasks.git
  revision: bb26b5a17f3d3405549e70b7425578ef0b9b33e4
  specs:
    rubygems-tasks (0.2.4)

PATH
  remote: .
  specs:
    perun-metacloud (3.0.0)
      hashie
      json
      nokogiri (~> 1.6.0)
      opennebula (~> 4.4.0)

GEM
  remote: https://rubygems.org/
  specs:
    coderay (1.1.0)
    hashie (2.0.5)
    json (1.8.1)
    method_source (0.8.2)
    mini_portile (0.5.2)
    nokogiri (1.6.0)
      mini_portile (~> 0.5.0)
    opennebula (4.4.0)
      json
      nokogiri
    pry (0.9.12.4)
      coderay (~> 1.0)
      method_source (~> 0.8)
      slop (~> 3.4)
    rake (10.1.0)
    slop (3.4.7)

PLATFORMS
  ruby

DEPENDENCIES
  perun-metacloud!
  pry
  rake
  rubygems-tasks!
